GEM
  remote: https://rubygems.org/
  specs:
    curb (0.9.1)
    puma (2.15.3)
    rack (1.6.4)

PLATFORMS
  ruby

DEPENDENCIES
  curb
  puma
  rack

BUNDLED WITH
   1.10.6
