GEM
  remote: https://rubygems.org/
  specs:
    curb (0.9.1)
    passenger (5.0.23)
      rack
      rake (>= 0.8.1)
    rack (1.6.4)
    rake (10.4.2)

PLATFORMS
  ruby

DEPENDENCIES
  curb
  passenger
  rack

BUNDLED WITH
   1.10.6
